GEM
  remote: https://rubygems.org/
  specs:
    colorize (0.7.3)

PLATFORMS
  java
  ruby

DEPENDENCIES
  colorize
