GEM
  remote: https://rubygems.org/
  specs:
    after_do (0.3.1)
    colorize (0.7.3)
    furoshiki (0.2.0)
      plist
      rubyzip (>= 1.0.0)
      warbler (~> 1.4.4)
    jruby-jars (1.7.16)
    jruby-rack (1.1.16)
    mini_portile (0.6.0)
    nokogiri (1.6.3.1)
      mini_portile (= 0.6.0)
    nokogiri (1.6.3.1-java)
    plist (3.1.0)
    rake (10.3.2)
    rubyzip (1.1.6)
    shoes (4.0.0.pre2)
      furoshiki (>= 0.1.2)
      nokogiri
      shoes-dsl (= 4.0.0.pre2)
      shoes-swt (= 4.0.0.pre2)
    shoes-dsl (4.0.0.pre2)
    shoes-swt (4.0.0.pre2)
      after_do (~> 0.3)
      furoshiki (~> 0.2.0)
      shoes-dsl (= 4.0.0.pre2)
      swt (~> 4.4)
    swt (4.4)
    warbler (1.4.4)
      jruby-jars (>= 1.5.6, < 2.0)
      jruby-rack (>= 1.0.0)
      rake (>= 0.9.6)
      rubyzip (>= 0.9, < 1.2)

PLATFORMS
  java
  ruby

DEPENDENCIES
  colorize
  shoes (= 4.0.0.pre2)
